GIT
  remote: https://github.com/rails/rails.git
  revision: 325c04c1af9cb0ec53657a4cf00cf824a9dfe932
  branch: main
  specs:
    actioncable (7.2.0.alpha)
      actionpack (= 7.2.0.alpha)
      activesupport (= 7.2.0.alpha)
      nio4r (~> 2.0)
      websocket-driver (>= 0.6.1)
      zeitwerk (~> 2.6)
    actionmailbox (7.2.0.alpha)
      actionpack (= 7.2.0.alpha)
      activejob (= 7.2.0.alpha)
      activerecord (= 7.2.0.alpha)
      activestorage (= 7.2.0.alpha)
      activesupport (= 7.2.0.alpha)
      mail (>= 2.8.0)
    actionmailer (7.2.0.alpha)
      actionpack (= 7.2.0.alpha)
      actionview (= 7.2.0.alpha)
      activejob (= 7.2.0.alpha)
      activesupport (= 7.2.0.alpha)
      mail (>= 2.8.0)
      rails-dom-testing (~> 2.2)
    actionpack (7.2.0.alpha)
      actionview (= 7.2.0.alpha)
      activesupport (= 7.2.0.alpha)
      nokogiri (>= 1.8.5)
      racc
      rack (>= 2.2.4)
      rack-session (>= 1.0.1)
      rack-test (>= 0.6.3)
      rails-dom-testing (~> 2.2)
      rails-html-sanitizer (~> 1.6)
      useragent (~> 0.16)
    actiontext (7.2.0.alpha)
      actionpack (= 7.2.0.alpha)
      activerecord (= 7.2.0.alpha)
      activestorage (= 7.2.0.alpha)
      activesupport (= 7.2.0.alpha)
      globalid (>= 0.6.0)
      nokogiri (>= 1.8.5)
    actionview (7.2.0.alpha)
      activesupport (= 7.2.0.alpha)
      builder (~> 3.1)
      erubi (~> 1.11)
      rails-dom-testing (~> 2.2)
      rails-html-sanitizer (~> 1.6)
    activejob (7.2.0.alpha)
      activesupport (= 7.2.0.alpha)
      globalid (>= 0.3.6)
    activemodel (7.2.0.alpha)
      activesupport (= 7.2.0.alpha)
    activerecord (7.2.0.alpha)
      activemodel (= 7.2.0.alpha)
      activesupport (= 7.2.0.alpha)
      timeout (>= 0.4.0)
    activestorage (7.2.0.alpha)
      actionpack (= 7.2.0.alpha)
      activejob (= 7.2.0.alpha)
      activerecord (= 7.2.0.alpha)
      activesupport (= 7.2.0.alpha)
      marcel (~> 1.0)
    activesupport (7.2.0.alpha)
      base64
      bigdecimal
      concurrent-ruby (~> 1.0, >= 1.0.2)
      connection_pool (>= 2.2.5)
      drb
      i18n (>= 1.6, < 2)
      minitest (>= 5.1, < 5.22.0)
      tzinfo (~> 2.0, >= 2.0.5)
    rails (7.2.0.alpha)
      actioncable (= 7.2.0.alpha)
      actionmailbox (= 7.2.0.alpha)
      actionmailer (= 7.2.0.alpha)
      actionpack (= 7.2.0.alpha)
      actiontext (= 7.2.0.alpha)
      actionview (= 7.2.0.alpha)
      activejob (= 7.2.0.alpha)
      activemodel (= 7.2.0.alpha)
      activerecord (= 7.2.0.alpha)
      activestorage (= 7.2.0.alpha)
      activesupport (= 7.2.0.alpha)
      bundler (>= 1.15.0)
      railties (= 7.2.0.alpha)
    railties (7.2.0.alpha)
      actionpack (= 7.2.0.alpha)
      activesupport (= 7.2.0.alpha)
      irb
      rackup (>= 1.0.0)
      rake (>= 12.2)
      thor (~> 1.0, >= 1.2.2)
      zeitwerk (~> 2.6)

GIT
  remote: https://github.com/solidusio/solidus.git
  revision: 9997bce5d4164db0362fec17728528b56af62e75
  branch: main
  specs:
    solidus (4.4.0.dev)
      solidus_api (= 4.4.0.dev)
      solidus_backend (= 4.4.0.dev)
      solidus_core (= 4.4.0.dev)
      solidus_legacy_promotions (= 4.4.0.dev)
      solidus_sample (= 4.4.0.dev)
    solidus_admin (0.2.0)
      geared_pagination (~> 1.1)
      importmap-rails (~> 1.2, >= 1.2.1)
      solidus_backend
      solidus_core (> 4.2)
      solidus_legacy_promotions
      stimulus-rails (~> 1.2)
      turbo-rails (~> 2.0)
      view_component (~> 3.9)
    solidus_api (4.4.0.dev)
      jbuilder (~> 2.8)
      kaminari-activerecord (~> 1.1)
      responders
      solidus_core (= 4.4.0.dev)
    solidus_backend (4.4.0.dev)
      font-awesome-rails (~> 4.0)
      handlebars_assets (~> 0.23)
      jbuilder (~> 2.8)
      jquery-rails
      kaminari (~> 1.1)
      responders
      sassc-rails
      solidus_api (= 4.4.0.dev)
      solidus_core (= 4.4.0.dev)
    solidus_core (4.4.0.dev)
      actionmailer (>= 7.0, < 7.2)
      actionpack (>= 7.0, < 7.2)
      actionview (>= 7.0, < 7.2)
      activejob (>= 7.0, < 7.2)
      activemerchant (~> 1.66)
      activemodel (>= 7.0, < 7.2)
      activerecord (>= 7.0, < 7.2)
      activestorage (>= 7.0, < 7.2)
      activesupport (>= 7.0, < 7.2)
      acts_as_list (< 2.0)
      awesome_nested_set (~> 3.3)
      cancancan (>= 2.2, < 4.0)
      carmen (~> 1.1.0)
      discard (~> 1.0)
      friendly_id (~> 5.0)
      image_processing (~> 1.10)
      kaminari-activerecord (~> 1.1)
      kt-paperclip (>= 6.3, < 8)
      mini_magick (~> 4.10)
      monetize (~> 1.8)
      omnes (~> 0.2.2)
      psych (>= 4.0.1, < 5.0)
      railties (>= 7.0, < 7.2)
      ransack (~> 4.0)
      sprockets-rails
      state_machines-activerecord (~> 0.6)
    solidus_legacy_promotions (4.4.0.dev)
      solidus_api (= 4.4.0.dev)
      solidus_backend (= 4.4.0.dev)
      solidus_core (= 4.4.0.dev)
      solidus_support
    solidus_sample (4.4.0.dev)
      solidus_core (= 4.4.0.dev)

GEM
  remote: https://rubygems.org/
  specs:
    activemerchant (1.133.0)
      activesupport (>= 4.2)
      builder (>= 2.1.2, < 4.0.0)
      i18n (>= 0.6.9)
      nokogiri (~> 1.4)
      rexml (~> 3.2.5)
    acts_as_list (1.1.0)
      activerecord (>= 4.2)
    addressable (2.8.6)
      public_suffix (>= 2.0.2, < 6.0)
    ast (2.4.2)
    awesome_nested_set (3.6.0)
      activerecord (>= 4.0.0, < 7.2)
    base64 (0.2.0)
    bigdecimal (3.1.7)
    bindex (0.8.1)
    bootsnap (1.18.3)
      msgpack (~> 1.2)
    brakeman (6.1.2)
      racc
    builder (3.2.4)
    cancancan (3.5.0)
    capybara (3.40.0)
      addressable
      matrix
      mini_mime (>= 0.1.3)
      nokogiri (~> 1.11)
      rack (>= 1.6.0)
      rack-test (>= 0.6.3)
      regexp_parser (>= 1.5, < 3.0)
      xpath (~> 3.2)
    carmen (1.1.3)
      activesupport (>= 3.0.0)
    climate_control (1.2.0)
    concurrent-ruby (1.2.3)
    connection_pool (2.4.1)
    crass (1.0.6)
    cssbundling-rails (1.4.0)
      railties (>= 6.0.0)
    date (3.3.4)
    debug (1.9.1)
      irb (~> 1.10)
      reline (>= 0.3.8)
    discard (1.3.0)
      activerecord (>= 4.2, < 8)
    drb (2.2.1)
    erubi (1.12.0)
    execjs (2.9.1)
    factory_bot (6.4.6)
      activesupport (>= 5.0.0)
    factory_bot_rails (6.4.3)
      factory_bot (~> 6.4)
      railties (>= 5.0.0)
    ffi (1.16.3)
    font-awesome-rails (4.7.0.8)
      railties (>= 3.2, < 8.0)
    friendly_id (5.5.1)
      activerecord (>= 4.0.0)
    geared_pagination (1.2.0)
      activesupport (>= 5.0)
      addressable (>= 2.5.0)
    globalid (1.2.1)
      activesupport (>= 6.1)
    handlebars_assets (0.23.9)
      execjs (~> 2.0)
      sprockets (>= 2.0.0)
      tilt (>= 1.2)
    i18n (1.14.4)
      concurrent-ruby (~> 1.0)
    image_processing (1.12.2)
      mini_magick (>= 4.9.5, < 5)
      ruby-vips (>= 2.0.17, < 3)
    importmap-rails (1.2.3)
      actionpack (>= 6.0.0)
      activesupport (>= 6.0.0)
      railties (>= 6.0.0)
    io-console (0.7.2)
    irb (1.12.0)
      rdoc
      reline (>= 0.4.2)
    jbuilder (2.11.5)
      actionview (>= 5.0.0)
      activesupport (>= 5.0.0)
    jquery-rails (4.6.0)
      rails-dom-testing (>= 1, < 3)
      railties (>= 4.2.0)
      thor (>= 0.14, < 2.0)
    jsbundling-rails (1.3.0)
      railties (>= 6.0.0)
    json (2.7.1)
    kaminari (1.2.2)
      activesupport (>= 4.1.0)
      kaminari-actionview (= 1.2.2)
      kaminari-activerecord (= 1.2.2)
      kaminari-core (= 1.2.2)
    kaminari-actionview (1.2.2)
      actionview
      kaminari-core (= 1.2.2)
    kaminari-activerecord (1.2.2)
      activerecord
      kaminari-core (= 1.2.2)
    kaminari-core (1.2.2)
    kt-paperclip (7.2.2)
      activemodel (>= 4.2.0)
      activesupport (>= 4.2.0)
      marcel (~> 1.0.1)
      mime-types
      terrapin (>= 0.6.0, < 2.0)
    language_server-protocol (3.17.0.3)
    loofah (2.22.0)
      crass (~> 1.0.2)
      nokogiri (>= 1.12.0)
    mail (2.8.1)
      mini_mime (>= 0.1.1)
      net-imap
      net-pop
      net-smtp
    marcel (1.0.4)
    matrix (0.4.2)
    method_source (1.0.0)
    mime-types (3.5.2)
      mime-types-data (~> 3.2015)
    mime-types-data (3.2024.0305)
    mini_magick (4.12.0)
    mini_mime (1.1.5)
    minitest (5.21.2)
    monetize (1.13.0)
      money (~> 6.12)
    money (6.19.0)
      i18n (>= 0.6.4, <= 2)
    msgpack (1.7.2)
    net-imap (0.4.10)
      date
      net-protocol
    net-pop (0.1.2)
      net-protocol
    net-protocol (0.2.2)
      timeout
    net-smtp (0.5.0)
      net-protocol
    nio4r (2.7.1)
    nokogiri (1.16.4-aarch64-linux)
      racc (~> 1.4)
    nokogiri (1.16.4-arm-linux)
      racc (~> 1.4)
    nokogiri (1.16.4-arm64-darwin)
      racc (~> 1.4)
    nokogiri (1.16.4-x86-linux)
      racc (~> 1.4)
    nokogiri (1.16.4-x86_64-darwin)
      racc (~> 1.4)
    nokogiri (1.16.4-x86_64-linux)
      racc (~> 1.4)
    omnes (0.2.2)
    parallel (1.24.0)
    parser (3.3.0.5)
      ast (~> 2.4.1)
      racc
    pg (1.5.6)
    psych (4.0.6)
      stringio
    public_suffix (5.0.4)
    puma (6.4.2)
      nio4r (~> 2.0)
    racc (1.7.3)
    rack (3.0.10)
    rack-session (2.0.0)
      rack (>= 3.0.0)
    rack-test (2.1.0)
      rack (>= 1.3)
    rackup (2.1.0)
      rack (>= 3)
      webrick (~> 1.8)
    rails-dom-testing (2.2.0)
      activesupport (>= 5.0.0)
      minitest
      nokogiri (>= 1.6)
    rails-html-sanitizer (1.6.0)
      loofah (~> 2.21)
      nokogiri (~> 1.14)
    rainbow (3.1.1)
    rake (13.2.1)
    ransack (4.1.1)
      activerecord (>= 6.1.5)
      activesupport (>= 6.1.5)
      i18n
    rdoc (6.6.3.1)
      psych (>= 4.0.0)
    redis (5.1.0)
      redis-client (>= 0.17.0)
    redis-client (0.21.1)
      connection_pool
    regexp_parser (2.9.0)
    reline (0.5.4)
      io-console (~> 0.5)
    responders (3.1.1)
      actionpack (>= 5.2)
      railties (>= 5.2)
    rexml (3.2.6)
    rubocop (1.62.1)
      json (~> 2.3)
      language_server-protocol (>= 3.17.0)
      parallel (~> 1.10)
      parser (>= 3.3.0.2)
      rainbow (>= 2.2.2, < 4.0)
      regexp_parser (>= 1.8, < 3.0)
      rexml (>= 3.2.5, < 4.0)
      rubocop-ast (>= 1.31.1, < 2.0)
      ruby-progressbar (~> 1.7)
      unicode-display_width (>= 2.4.0, < 3.0)
    rubocop-ast (1.31.2)
      parser (>= 3.3.0.4)
    rubocop-minitest (0.35.0)
      rubocop (>= 1.61, < 2.0)
      rubocop-ast (>= 1.31.1, < 2.0)
    rubocop-performance (1.20.2)
      rubocop (>= 1.48.1, < 2.0)
      rubocop-ast (>= 1.30.0, < 2.0)
    rubocop-rails (2.24.1)
      activesupport (>= 4.2.0)
      rack (>= 1.1)
      rubocop (>= 1.33.0, < 2.0)
      rubocop-ast (>= 1.31.1, < 2.0)
    rubocop-rails-omakase (1.0.0)
      rubocop
      rubocop-minitest
      rubocop-performance
      rubocop-rails
    ruby-progressbar (1.13.0)
    ruby-vips (2.2.1)
      ffi (~> 1.12)
    rubyzip (2.3.2)
    sassc (2.4.0)
      ffi (~> 1.9)
    sassc-rails (2.1.2)
      railties (>= 4.0.0)
      sassc (>= 2.0)
      sprockets (> 3.0)
      sprockets-rails
      tilt
    selenium-webdriver (4.18.1)
      base64 (~> 0.2)
      rexml (~> 3.2, >= 3.2.5)
      rubyzip (>= 1.2.2, < 3.0)
      websocket (~> 1.0)
    solidus_support (0.10.1)
    sprockets (4.2.1)
      concurrent-ruby (~> 1.0)
      rack (>= 2.2.4, < 4)
    sprockets-rails (3.4.2)
      actionpack (>= 5.2)
      activesupport (>= 5.2)
      sprockets (>= 3.0.0)
    state_machines (0.6.0)
    state_machines-activemodel (0.9.0)
      activemodel (>= 6.0)
      state_machines (>= 0.6.0)
    state_machines-activerecord (0.9.0)
      activerecord (>= 6.0)
      state_machines-activemodel (>= 0.9.0)
    stimulus-rails (1.3.3)
      railties (>= 6.0.0)
    stringio (3.1.0)
    tailwindcss-rails (2.3.0)
      railties (>= 6.0.0)
    tailwindcss-rails (2.3.0-aarch64-linux)
      railties (>= 6.0.0)
    tailwindcss-rails (2.3.0-arm-linux)
      railties (>= 6.0.0)
    tailwindcss-rails (2.3.0-arm64-darwin)
      railties (>= 6.0.0)
    tailwindcss-rails (2.3.0-x86_64-darwin)
      railties (>= 6.0.0)
    tailwindcss-rails (2.3.0-x86_64-linux)
      railties (>= 6.0.0)
    terrapin (1.0.1)
      climate_control
    thor (1.3.1)
    tilt (2.3.0)
    timeout (0.4.1)
    turbo-rails (2.0.5)
      actionpack (>= 6.0.0)
      activejob (>= 6.0.0)
      railties (>= 6.0.0)
    tzinfo (2.0.6)
      concurrent-ruby (~> 1.0)
    unicode-display_width (2.5.0)
    useragent (0.16.10)
    view_component (3.11.0)
      activesupport (>= 5.2.0, < 8.0)
      concurrent-ruby (~> 1.0)
      method_source (~> 1.0)
    web-console (4.2.1)
      actionview (>= 6.0.0)
      activemodel (>= 6.0.0)
      bindex (>= 0.4.0)
      railties (>= 6.0.0)
    webrick (1.8.1)
    websocket (1.2.10)
    websocket-driver (0.7.6)
      websocket-extensions (>= 0.1.0)
    websocket-extensions (0.1.5)
    xpath (3.2.0)
      nokogiri (~> 1.8)
    zeitwerk (2.6.13)

PLATFORMS
  aarch64-linux
  arm-linux
  arm64-darwin
  x86-linux
  x86_64-darwin
  x86_64-linux

DEPENDENCIES
  bootsnap
  brakeman
  capybara
  cssbundling-rails
  debug
  factory_bot_rails
  jbuilder
  jsbundling-rails
  pg (~> 1.5)
  puma (>= 5.0)
  rails!
  redis (>= 4.0.1)
  rubocop-rails-omakase
  selenium-webdriver
  solidus!
  solidus_admin!
  sprockets-rails
  stimulus-rails
  tailwindcss-rails (~> 2.3)
  turbo-rails
  tzinfo-data
  web-console

BUNDLED WITH
   2.5.4
